GEM
  remote: https://rubygems.org/
  specs:
    activemodel (4.2.0)
      activesupport (= 4.2.0)
      builder (~> 3.1)
    activesupport (4.2.0)
      i18n (~> 0.7)
      json (~> 1.7, >= 1.7.7)
      minitest (~> 5.1)
      thread_safe (~> 0.3, >= 0.3.4)
      tzinfo (~> 1.1)
    builder (3.2.2)
    cf-uaa-lib (2.0.1)
      multi_json
    cfoundry (4.7.1)
      activemodel (>= 3.2.13, < 5.0.0)
      cf-uaa-lib (~> 2.0.0)
      multi_json (~> 1.7)
      multipart-post (~> 1.1)
      rubyzip (~> 0.9)
    clockwork (1.1.0)
      activesupport
      tzinfo
    i18n (0.7.0)
    json (1.8.2)
    minitest (5.5.1)
    multi_json (1.10.1)
    multipart-post (1.2.0)
    rack (1.6.0)
    rack-protection (1.5.3)
      rack
    redis (3.2.1)
    rubyzip (0.9.9)
    sinatra (1.4.5)
      rack (~> 1.4)
      rack-protection (~> 1.4)
      tilt (~> 1.3, >= 1.3.4)
    thread_safe (0.3.4)
    tilt (1.4.1)
    tzinfo (1.2.2)
      thread_safe (~> 0.1)

PLATFORMS
  ruby

DEPENDENCIES
  cfoundry (= 4.7.1)
  clockwork (= 1.1.0)
  redis (= 3.2.1)
  sinatra (= 1.4.5)
