PATH
  remote: .
  specs:
    cf_light_api (2.6.0)
      cfoundry (~> 4.7.1)
      graphite-api (~> 0.1.6)
      newrelic_rpm (~> 3.17.1)
      parallel (~> 1.12.0)
      redis (~> 3.2.1)
      redlock (~> 0.1.1)
      rufus-scheduler (~> 3.0.9)
      sinatra (~> 2.0.0)
      virtus

GEM
  remote: https://rubygems.org/
  specs:
    activemodel (4.2.10)
      activesupport (= 4.2.10)
      builder (~> 3.1)
    activesupport (4.2.10)
      i18n (~> 0.7)
      minitest (~> 5.1)
      thread_safe (~> 0.3, >= 0.3.4)
      tzinfo (~> 1.1)
    addressable (2.5.2)
      public_suffix (>= 2.0.2, < 4.0)
    axiom-types (0.1.1)
      descendants_tracker (~> 0.0.4)
      ice_nine (~> 0.11.0)
      thread_safe (~> 0.3, >= 0.3.1)
    builder (3.2.3)
    cf-uaa-lib (2.0.1)
      multi_json
    cfoundry (4.7.1)
      activemodel (>= 3.2.13, < 5.0.0)
      cf-uaa-lib (~> 2.0.0)
      multi_json (~> 1.7)
      multipart-post (~> 1.1)
      rubyzip (~> 0.9)
    coercible (1.0.0)
      descendants_tracker (~> 0.0.1)
    concurrent-ruby (1.0.5)
    crack (0.4.3)
      safe_yaml (~> 1.0.0)
    descendants_tracker (0.0.4)
      thread_safe (~> 0.3, >= 0.3.1)
    diff-lcs (1.3)
    equalizer (0.0.11)
    eventmachine (1.2.5)
    graphite-api (0.1.8)
      eventmachine (>= 0.3.3)
      zscheduler (>= 0.0.3)
    hashdiff (0.3.7)
    i18n (0.9.1)
      concurrent-ruby (~> 1.0)
    ice_nine (0.11.2)
    minitest (5.11.1)
    multi_json (1.12.2)
    multipart-post (1.2.0)
    mustermann (1.0.1)
    newrelic_rpm (3.17.2.327)
    parallel (1.12.1)
    public_suffix (3.0.1)
    rack (2.0.3)
    rack-protection (2.0.0)
      rack
    rake (10.5.0)
    redis (3.2.2)
    redlock (0.1.8)
      redis (~> 3, >= 3.0.0)
    rspec (3.7.0)
      rspec-core (~> 3.7.0)
      rspec-expectations (~> 3.7.0)
      rspec-mocks (~> 3.7.0)
    rspec-core (3.7.1)
      rspec-support (~> 3.7.0)
    rspec-expectations (3.7.0)
      diff-lcs (>= 1.2.0, < 2.0)
      rspec-support (~> 3.7.0)
    rspec-mocks (3.7.0)
      diff-lcs (>= 1.2.0, < 2.0)
      rspec-support (~> 3.7.0)
    rspec-support (3.7.0)
    rubyzip (0.9.9)
    rufus-scheduler (3.0.9)
      tzinfo
    safe_yaml (1.0.4)
    sinatra (2.0.0)
      mustermann (~> 1.0)
      rack (~> 2.0)
      rack-protection (= 2.0.0)
      tilt (~> 2.0)
    thread_safe (0.3.6)
    tilt (2.0.8)
    tzinfo (1.2.4)
      thread_safe (~> 0.1)
    virtus (1.0.5)
      axiom-types (~> 0.1)
      coercible (~> 1.0)
      descendants_tracker (~> 0.0, >= 0.0.3)
      equalizer (~> 0.0, >= 0.0.9)
    webmock (3.2.1)
      addressable (>= 2.3.6)
      crack (>= 0.3.2)
      hashdiff
    zscheduler (0.0.8)
      eventmachine

PLATFORMS
  ruby

DEPENDENCIES
  cf_light_api!
  rake (~> 10.0)
  rspec (~> 3.0)
  webmock

BUNDLED WITH
   1.16.0
